PATH
  remote: .
  specs:
    ht_sms (0.1.0)

GEM
  remote: https://rubygems.org/
  specs:
    rake (10.3.2)

PLATFORMS
  ruby

DEPENDENCIES
  bundler (~> 1.6)
  ht_sms!
  rake
